GEM
  remote: https://rubygems.org/
  specs:
    mini_portile2 (2.4.0)
    nio4r (2.5.2)
    nokogiri (1.10.7)
      mini_portile2 (~> 2.4.0)
    puma (4.3.1)
      nio4r (~> 2.0)
    rack (2.1.2)
    redis (4.1.3)
    roda (3.28.0)
      rack
    tilt (2.0.10)

PLATFORMS
  ruby

DEPENDENCIES
  nokogiri
  puma
  redis
  roda
  tilt

BUNDLED WITH
   2.0.2
