GEM
  remote: https://rubygems.org/
  specs:
    dotenv (2.7.5)
    mini_portile2 (2.6.1)
    nio4r (2.5.2)
    nokogiri (1.12.5)
      mini_portile2 (~> 2.6.1)
      racc (~> 1.4)
    puma (4.3.5)
      nio4r (~> 2.0)
    racc (1.5.2)
    rack (2.2.3)
    redis (4.1.3)
    roda (3.30.0)
      rack
    roda-http-auth (0.2.0)
      roda (>= 2.0, < 4.0)
    tilt (2.0.10)

PLATFORMS
  ruby

DEPENDENCIES
  dotenv
  nokogiri
  puma
  redis
  roda
  roda-http-auth
  tilt

RUBY VERSION
   ruby 2.6.5p114

BUNDLED WITH
   2.0.2
